GEM
  remote: https://rubygems.org/
  specs:

PLATFORMS
  x64-mingw32

DEPENDENCIES
  github-pages (= 163)
  jekyll-paginate

BUNDLED WITH
   1.17.3
